GEM
  remote: https://rubygems.org/
  specs:
    rack (2.2.3)

PLATFORMS
  x86_64-linux

DEPENDENCIES
  rack

RUBY VERSION
   ruby 2.6.1p33

BUNDLED WITH
   2.2.11
