GEM
  remote: https://rubygems.org/
  specs:
    nio4r (2.5.8)
    puma (5.4.0)
      nio4r (~> 2.0)
    rack (2.2.3)

PLATFORMS
  x86_64-linux

DEPENDENCIES
  puma
  rack

RUBY VERSION
   ruby 2.6.1p33

BUNDLED WITH
   2.2.11
